GEM
  remote: http://rubygems.org/
  specs:
    json (1.5.1)
    koala (1.0.0)
      json (~> 1.0)
      multipart-post (~> 1.0)
    multipart-post (1.1.2)
    rack (1.3.0)
    shotgun (0.9)
      rack (>= 1.0)
    sinatra (1.2.6)
      rack (~> 1.1)
      tilt (>= 1.2.2, < 2.0)
    tilt (1.3.2)

PLATFORMS
  ruby

DEPENDENCIES
  koala
  shotgun
  sinatra
